PATH
  remote: .
  specs:
    national-rail (0.4.3)
      activesupport (~> 3.0.0)
      ffi (= 0.6.3)
      hpricot (~> 0.8.2)
      i18n (~> 0.4.1)
      mechanize (~> 1.0.0)
      nokogiri (~> 1.4.4)
      tidy_ffi (~> 0.1.3)
      tzinfo (~> 0.3.23)

GEM
  remote: http://rubygems.org/
  specs:
    activesupport (3.0.3)
    addressable (2.2.2)
    crack (0.1.8)
    ffi (0.6.3)
      rake (>= 0.8.7)
    hpricot (0.8.3)
    i18n (0.4.2)
    mechanize (1.0.0)
      nokogiri (>= 1.2.1)
    nokogiri (1.4.4)
    rake (0.8.7)
    tidy_ffi (0.1.3)
      ffi (>= 0.3.5)
    timecop (0.3.4)
    tzinfo (0.3.23)
    webmock (1.6.1)
      addressable (>= 2.2.2)
      crack (>= 0.1.7)

PLATFORMS
  ruby

DEPENDENCIES
  activesupport (~> 3.0.0)
  ffi (= 0.6.3)
  hpricot (~> 0.8.2)
  i18n (~> 0.4.1)
  mechanize (~> 1.0.0)
  national-rail!
  nokogiri (~> 1.4.4)
  tidy_ffi (~> 0.1.3)
  timecop (= 0.3.4)
  tzinfo (~> 0.3.23)
  webmock (~> 1.6.1)
