PATH
  remote: .
  specs:
    national-rail (0.3.8)
      activesupport (~> 3.0.0)
      hpricot (~> 0.8.2)
      i18n
      mechanize (~> 1.0.0)
      nokogiri (~> 1.4.4)
      tidy_ffi (~> 0.1.3)
      tzinfo

GEM
  remote: http://rubygems.org/
  specs:
    activesupport (3.0.3)
    ffi (0.6.3)
      rake (>= 0.8.7)
    hpricot (0.8.3)
    i18n (0.4.1)
    mechanize (1.0.0)
      nokogiri (>= 1.2.1)
    nokogiri (1.4.4)
    rake (0.8.7)
    tidy_ffi (0.1.3)
      ffi (>= 0.3.5)
    tzinfo (0.3.23)

PLATFORMS
  ruby

DEPENDENCIES
  activesupport (~> 3.0.0)
  hpricot (~> 0.8.2)
  i18n
  mechanize (~> 1.0.0)
  national-rail!
  nokogiri (~> 1.4.4)
  tidy_ffi (~> 0.1.3)
  tzinfo
